GEM
  remote: https://rubygems.org/
  specs:
    mini_magick (4.9.4)

PLATFORMS
  ruby

DEPENDENCIES
  mini_magick (= 4.9.4)

BUNDLED WITH
   1.16.3
